GEM
  remote: https://rubygems.org/
  specs:
    dotenv (2.1.1)
    hipchat (1.5.3)
      httparty
      mimemagic
    httparty (0.13.7)
      json (~> 1.8)
      multi_xml (>= 0.5.2)
    json (1.8.3)
    mimemagic (0.3.1)
    multi_xml (0.5.5)
    rack (1.6.4)
    rack-protection (1.5.3)
      rack
    redcarpet (3.3.4)
    sinatra (1.4.7)
      rack (~> 1.5)
      rack-protection (~> 1.4)
      tilt (>= 1.3, < 3)
    tilt (2.0.3)

PLATFORMS
  ruby

DEPENDENCIES
  dotenv
  hipchat
  json (= 1.8.3)
  redcarpet
  sinatra (= 1.4.7)

BUNDLED WITH
   1.12.3
